GEM
  remote: http://rubygems.org/
  specs:
    diff-lcs (1.1.3)
    reverse-markdown (0.1.2)
    rspec (2.10.0)
      rspec-core (~> 2.10.0)
      rspec-expectations (~> 2.10.0)
      rspec-mocks (~> 2.10.0)
    rspec-core (2.10.1)
    rspec-expectations (2.10.0)
      diff-lcs (~> 1.1.3)
    rspec-mocks (2.10.1)
    trollop (1.16.2)

PLATFORMS
  ruby

DEPENDENCIES
  reverse-markdown
  rspec
  trollop
